GEM
  remote: https://rubygems.org/
  specs:
    nio4r (2.5.7)
    puma (4.3.8)
      nio4r (~> 2.0)
    rack (2.0.9)

PLATFORMS
  ruby

DEPENDENCIES
  puma
  rack (~> 2.0.1)

BUNDLED WITH
   2.1.2
