GEM
  remote: https://rubygems.org/
  specs:
    ffi (1.15.3)
    get_process_mem (0.2.7)
      ffi (~> 1.0)
    nio4r (2.5.7)
    puma (5.3.2)
      nio4r (~> 2.0)
    puma_worker_killer (0.3.1)
      get_process_mem (~> 0.2)
      puma (>= 2.7)
    rack (2.0.9)

PLATFORMS
  ruby

DEPENDENCIES
  puma
  puma_worker_killer
  rack (~> 2.0.1)

BUNDLED WITH
   2.1.2
