GEM
  remote: https://rubygems.org/
  specs:
    nio4r (2.5.4)
    puma (5.0.4)
      nio4r (~> 2.0)
    rack (2.0.9)

PLATFORMS
  ruby

DEPENDENCIES
  puma (= 5.0.4)
  rack (~> 2.0.1)

BUNDLED WITH
   2.1.2
