GIT
  remote: git@github.com:puma/puma.git
  revision: 8c9b3ebc7a86bdc5488704a0225b76409b9f555f
  ref: 8c9b3ebc7a86bdc5488704a0225b76409b9f555f
  specs:
    puma (4.3.1)
      nio4r (~> 2.0)

GEM
  remote: https://rubygems.org/
  specs:
    activesupport (6.0.2.1)
      concurrent-ruby (~> 1.0, >= 1.0.2)
      i18n (>= 0.7, < 2)
      minitest (~> 5.1)
      tzinfo (~> 1.1)
      zeitwerk (~> 2.2)
    concurrent-ruby (1.1.6)
    i18n (1.8.2)
      concurrent-ruby (~> 1.0)
    minitest (5.14.0)
    nio4r (2.5.2)
    rack (2.0.9)
    thread_safe (0.3.6)
    tzinfo (1.2.6)
      thread_safe (~> 0.1)
    zeitwerk (2.2.2)

PLATFORMS
  ruby

DEPENDENCIES
  activesupport
  puma!
  rack (~> 2.0.1)

BUNDLED WITH
   2.1.2
