GEM
  remote: https://rubygems.org/
  specs:
    nio4r (2.5.2)
    puma (4.3.1)
      nio4r (~> 2.0)
    rack (2.1.4)

PLATFORMS
  ruby

DEPENDENCIES
  puma
  rack (~> 2.1.4)

BUNDLED WITH
   2.1.2
